PATH
  remote: .
  specs:
    hasoffers (0.1.13)
      crack
      yajl-ruby

GEM
  remote: http://rubygems.org/
  specs:
    crack (0.4.1)
      safe_yaml (~> 0.9.0)
    rake (0.9.2)
    safe_yaml (0.9.4)
    yajl-ruby (1.1.0)

PLATFORMS
  ruby

DEPENDENCIES
  hasoffers!
  rake
